GIT
  remote: http://github.com/ruby-rdf/rdf-spec
  revision: a09c6934287885bd161cb0cf28b972a22c50583c
  specs:
    rdf-spec (0.3.7)
      rspec (>= 2.8.0)

PATH
  remote: .
  specs:
    rdf-raptor (0.4.1)
      ffi (>= 1.0)
      rdf (~> 0.3.0)

GEM
  remote: http://rubygems.org/
  specs:
    addressable (2.3.2)
    diff-lcs (1.1.3)
    ffi (1.1.5)
    rake (0.9.2.2)
    rdf (0.3.7)
      addressable (>= 2.2.6)
    rspec (2.11.0)
      rspec-core (~> 2.11.0)
      rspec-expectations (~> 2.11.0)
      rspec-mocks (~> 2.11.0)
    rspec-core (2.11.1)
    rspec-expectations (2.11.2)
      diff-lcs (~> 1.1.3)
    rspec-mocks (2.11.1)
    wirble (0.1.3)
    yard (0.8.2.1)

PLATFORMS
  ruby

DEPENDENCIES
  rake
  rdf-raptor!
  rdf-spec!
  rspec (>= 2.1.0)
  wirble
  yard (>= 0.6.0)
